GEM
  remote: https://rubygems.org/
  specs:
    cliver (0.3.2)
    pdf-forms (1.0.0)
      cliver (~> 0.3.2)
      safe_shell (>= 1.0.3, < 2.0)
    rack (1.6.4)
    rack-protection (1.5.3)
      rack
    safe_shell (1.0.3)
    sinatra (1.4.7)
      rack (~> 1.5)
      rack-protection (~> 1.4)
      tilt (>= 1.3, < 3)
    tilt (2.0.2)

PLATFORMS
  ruby

DEPENDENCIES
  pdf-forms
  sinatra

BUNDLED WITH
   1.11.2
